GEM
  remote: https://rubygems.org/
  specs:
    blankslate (2.1.2.4)
    childprocess (0.5.9)
      ffi (~> 1.0, >= 1.0.11)
    chronic_duration (0.10.6)
      numerizer (~> 0.1.1)
    ffi (1.9.10)
    flaky (0.1.3)
      chronic_duration (~> 0.10.2)
      posix-spawn (~> 0.3.6)
      toml (~> 0.1.1)
    numerizer (0.1.1)
    parslet (1.5.0)
      blankslate (~> 2.0)
    posix-spawn (0.3.11)
    power_assert (0.2.6)
    rubyzip (1.2.0)
    selenium-webdriver (2.53.3)
      childprocess (~> 0.5)
      rubyzip (~> 1.0)
      websocket (~> 1.0)
    test-unit (3.1.5)
      power_assert
    toml (0.1.2)
      parslet (~> 1.5.0)
    websocket (1.2.3)

PLATFORMS
  ruby

DEPENDENCIES
  flaky
  selenium-webdriver
  test-unit (>= 2.5)

BUNDLED WITH
   1.11.2
